PATH
  remote: .
  specs:
    plek (2.1.1)

GEM
  remote: http://rubygems.org/
  specs:
    climate_control (0.2.0)
    minitest (5.10.1)
    rake (12.3.2)

PLATFORMS
  ruby

DEPENDENCIES
  climate_control
  minitest
  plek!
  rake

BUNDLED WITH
   1.17.3
