PATH
  remote: .
  specs:
    plek (3.0.0)

GEM
  remote: http://rubygems.org/
  specs:
    climate_control (0.2.0)
    minitest (5.11.3)
    rake (12.3.2)

PLATFORMS
  ruby

DEPENDENCIES
  climate_control
  minitest
  plek!
  rake

BUNDLED WITH
   1.17.3
